GEM
  remote: https://rubygems.org/
  specs:
    colorize (0.8.1)
    open-uri (0.1.0)

PLATFORMS
  ruby

DEPENDENCIES
  colorize
  open-uri (~> 0.1.0)

BUNDLED WITH
   2.1.4
