GEM
  remote: https://rubygems.org/
  specs:
    colorize (0.8.1)
    optparse (0.1.0)

PLATFORMS
  ruby

DEPENDENCIES
  colorize
  optparse

BUNDLED WITH
  2.2.6
